PATH
  remote: .
  specs:
    riagent-document (0.0.1)
      activesupport (~> 4.0)
      virtus

GEM
  remote: https://rubygems.org/
  specs:
    activesupport (4.0.2)
      i18n (~> 0.6, >= 0.6.4)
      minitest (~> 4.2)
      multi_json (~> 1.3)
      thread_safe (~> 0.1)
      tzinfo (~> 0.3.37)
    atomic (1.1.14)
    axiom-types (0.0.5)
      descendants_tracker (~> 0.0.1)
      ice_nine (~> 0.9)
    coercible (1.0.0)
      descendants_tracker (~> 0.0.1)
    descendants_tracker (0.0.3)
    equalizer (0.0.9)
    i18n (0.6.9)
    ice_nine (0.11.0)
    minitest (4.7.5)
    minitest-spec-context (0.0.3)
    multi_json (1.8.4)
    rake (10.1.1)
    thread_safe (0.1.3)
      atomic
    tzinfo (0.3.38)
    virtus (1.0.1)
      axiom-types (~> 0.0.5)
      coercible (~> 1.0)
      descendants_tracker (~> 0.0.1)
      equalizer (~> 0.0.7)

PLATFORMS
  ruby

DEPENDENCIES
  bundler
  minitest (~> 4.2)
  minitest-spec-context
  rake
  riagent-document!
